GIT
  remote: git://github.com/ekho/capistrano-git-submodule-strategy.git
  revision: e3b8a78fbe7d3f7d03d473ee488a9c805f8f6fac
  specs:
    capistrano-git-submodule-strategy (0.1.17)
      capistrano (~> 3.1)

GEM
  remote: http://ruby.taobao.org/
  specs:
    capistrano (3.4.0)
      i18n
      rake (>= 10.0.0)
      sshkit (~> 1.3)
    capistrano-template (0.0.4)
      capistrano (~> 3.0)
    colorize (0.7.7)
    i18n (0.7.0)
    net-scp (1.2.1)
      net-ssh (>= 2.6.5)
    net-ssh (2.9.2)
    rake (10.4.2)
    sshkit (1.7.1)
      colorize (>= 0.7.0)
      net-scp (>= 1.1.2)
      net-ssh (>= 2.8.0)
    sshkit-sudo (0.0.4)
      sshkit

PLATFORMS
  ruby

DEPENDENCIES
  capistrano-git-submodule-strategy (~> 0.1)!
  capistrano-template
  sshkit
  sshkit-sudo
